GEM
  remote: https://rubygems.org/
  specs:
    dotenv (2.1.1)
    faraday (0.9.2)
      multipart-post (>= 1.2, < 3)
    faraday_middleware (0.9.2)
      faraday (>= 0.7.4, < 0.10)
    hashie (3.4.4)
    instagram (1.1.6)
      faraday (>= 0.7, < 0.10)
      faraday_middleware (>= 0.8, < 0.10)
      hashie (>= 0.4.0)
      multi_json (~> 1.0, >= 1.0.3)
    multi_json (1.12.1)
    multipart-post (2.0.0)
    rack (1.6.4)
    rack-protection (1.5.3)
      rack
    sinatra (1.4.7)
      rack (~> 1.5)
      rack-protection (~> 1.4)
      tilt (>= 1.3, < 3)
    tilt (2.0.5)

PLATFORMS
  ruby

DEPENDENCIES
  dotenv
  instagram
  sinatra

BUNDLED WITH
   1.12.5
